RESTRICTION: || (== net452) (== net461)
NUGET
  remote: https://api.nuget.org/v3/index.json
    Argu (5.1)
      FSharp.Core (>= 4.0.0.1)
    Destructurama.FSharp (1.0.14)
      Serilog (>= 1.4.204)
    EventStore.Client (4.1.1)
    FAKE (5.3)
    FsCheck (2.11)
      FSharp.Core (>= 4.0.0.1)
    FsCheck.Xunit (2.11)
      FsCheck (2.11)
      xunit.extensibility.execution (>= 2.2 < 3.0)
    FSharp.Control.AsyncSeq (2.0.21)
      FSharp.Core (>= 3.1.2)
    FSharp.Core (4.5.2) - redirects: force
    MathNet.Numerics (4.5.1)
    Newtonsoft.Json (11.0.2)
    Serilog (2.7.1)
    Serilog.Formatting.Compact (1.0)
      Serilog (>= 2.0)
    Serilog.Sinks.Console (3.1.1)
      Serilog (>= 2.5)
    Serilog.Sinks.File (4.0)
      Serilog (>= 2.5)
    Serilog.Sinks.PeriodicBatching (2.1.1)
      Serilog (>= 2.0)
    Serilog.Sinks.Seq (4.0)
      Serilog (>= 2.5)
      Serilog.Formatting.Compact (>= 1.0)
      Serilog.Sinks.File (>= 4.0)
      Serilog.Sinks.PeriodicBatching (>= 2.1.1)
    System.Reactive (4.1)
      System.Threading.Tasks.Extensions (>= 4.5.1) - restriction: || (&& (== net452) (>= net46)) (&& (== net452) (>= netstandard2.0)) (&& (== net452) (>= uap10.0)) (== net461)
      System.ValueTuple (>= 4.4) - restriction: || (&& (== net452) (>= net46)) (&& (== net452) (>= uap10.0)) (== net461)
    System.Runtime.Caching (4.5)
    System.Runtime.CompilerServices.Unsafe (4.5.1) - restriction: || (&& (== net452) (>= net46)) (&& (== net452) (>= netstandard2.0)) (&& (== net452) (>= uap10.0)) (== net461)
    System.Threading.Tasks.Extensions (4.5.1) - restriction: || (&& (== net452) (>= net46)) (&& (== net452) (>= netstandard2.0)) (&& (== net452) (>= uap10.0)) (== net461)
      System.Runtime.CompilerServices.Unsafe (>= 4.5)
    System.ValueTuple (4.5) - restriction: || (&& (== net452) (>= net46)) (&& (== net452) (>= uap10.0)) (== net461)
    TypeShape (5.1)
      FSharp.Core (>= 3.1.2)
    Unquote (4.0)
    xunit.abstractions (2.0.2) - redirects: force
    xunit.core (2.4) - redirects: force
      xunit.extensibility.core (2.4)
      xunit.extensibility.execution (2.4)
    xunit.extensibility.core (2.4) - redirects: force
      xunit.abstractions (>= 2.0.2)
    xunit.extensibility.execution (2.4) - redirects: force
      xunit.extensibility.core (2.4)
    xunit.runner.visualstudio (2.4)

GROUP build
NUGET
  remote: https://api.nuget.org/v3/index.json
    FAKE (5.3)
