RESTRICTION: || (== net452) (== net461)
NUGET
  remote: https://api.nuget.org/v3/index.json
    Argu (5.1)
      FSharp.Core (>= 4.0.0.1)
    Destructurama.FSharp (1.0.14)
      Serilog (>= 1.4.204)
    EventStore.Client (4.1)
    FsCheck (2.10.8)
      FSharp.Core (>= 4.0.0.1)
    FsCheck.xUnit (2.10.8)
      FsCheck (2.10.8)
      xunit.extensibility.execution (>= 2.2 < 3.0)
    FSharp.Control.AsyncSeq (2.0.21)
      FSharp.Core (>= 3.1.2)
    FSharp.Core (4.3.4) - redirects: force
    MathNet.Numerics (4.4)
    Newtonsoft.Json (11.0.1)
    Serilog (2.6)
    Serilog.Sinks.Console (3.1.1)
      Serilog (>= 2.5)
    Serilog.Sinks.File (4.0)
      Serilog (>= 2.5)
    Serilog.Sinks.Observable (2.0.2)
      Serilog (>= 2.0)
    System.Reactive (3.1.1)
      System.Reactive.PlatformServices (>= 3.1.1)
      System.Reactive.Windows.Threading (>= 3.1.1)
    System.Reactive.Core (3.1.1)
      System.Reactive.Interfaces (>= 3.1.1)
    System.Reactive.Interfaces (3.1.1)
    System.Reactive.Linq (3.1.1)
      System.Reactive.Core (>= 3.1.1)
    System.Reactive.PlatformServices (3.1.1)
      System.Reactive.Linq (>= 3.1.1)
    System.Reactive.Windows.Threading (3.1.1)
      System.Reactive.Core (>= 3.1.1)
    TypeShape (4.0)
      FSharp.Core (>= 3.1.2)
    Unquote (4.0)
    xunit.abstractions (2.0.1) - redirects: force
    xunit.core (2.3.1) - redirects: force
      xunit.extensibility.core (2.3.1)
      xunit.extensibility.execution (2.3.1)
    xunit.extensibility.core (2.3.1) - redirects: force
      xunit.abstractions (>= 2.0.1)
    xunit.extensibility.execution (2.3.1) - redirects: force
      xunit.extensibility.core (2.3.1)
    xunit.runner.visualstudio (2.3.1)

GROUP build
NUGET
  remote: https://api.nuget.org/v3/index.json
    FAKE (4.64.11)
