RESTRICTION: || (== net452) (== net461)
NUGET
  remote: https://api.nuget.org/v3/index.json
    Argu (5.1)
      FSharp.Core (>= 4.0.0.1)
    Destructurama.FSharp (1.0.14)
      Serilog (>= 1.4.204)
    EventStore.Client (4.1.1)
    FsCheck (2.11)
      FSharp.Core (>= 4.0.0.1)
    FsCheck.Xunit (2.11)
      FsCheck (2.11)
      xunit.extensibility.execution (>= 2.2 < 3.0)
    FSharp.Control.AsyncSeq (2.0.21)
      FSharp.Core (>= 3.1.2)
    FSharp.Core (4.5) - redirects: force
    Jet.JsonNet.Converters (0.0.3-ci69140)
      FSharp.Core (>= 3.1.2.5) - restriction: || (&& (== net452) (>= net461)) (== net461)
      Newtonsoft.Json (>= 11.0.2) - restriction: || (&& (== net452) (>= net461)) (&& (== net452) (>= netstandard2.0)) (== net461)
    MathNet.Numerics (4.5.1)
    Newtonsoft.Json (11.0.2)
    Serilog (2.7.1)
    Serilog.Formatting.Compact (1.0)
      Serilog (>= 2.0)
    Serilog.Sinks.Console (3.1.1)
      Serilog (>= 2.5)
    Serilog.Sinks.File (4.0)
      Serilog (>= 2.5)
    Serilog.Sinks.PeriodicBatching (2.1.1)
      Serilog (>= 2.0)
    Serilog.Sinks.Seq (4.0)
      Serilog (>= 2.5)
      Serilog.Formatting.Compact (>= 1.0)
      Serilog.Sinks.File (>= 4.0)
      Serilog.Sinks.PeriodicBatching (>= 2.1.1)
    System.Reactive (4.0)
    System.Runtime.Caching (4.5)
    TypeShape (5.1)
      FSharp.Core (>= 3.1.2)
    Unquote (4.0)
    xunit.abstractions (2.0.1) - redirects: force
    xunit.core (2.3.1) - redirects: force
      xunit.extensibility.core (2.3.1)
      xunit.extensibility.execution (2.3.1)
    xunit.extensibility.core (2.3.1) - redirects: force
      xunit.abstractions (>= 2.0.1)
    xunit.extensibility.execution (2.3.1) - redirects: force
      xunit.extensibility.core (2.3.1)
    xunit.runner.visualstudio (2.3.1)
